GEM
  remote: https://rubygems.org/
  specs:
    aws-eventstream (1.0.1)
    aws-partitions (1.107.0)
    aws-sdk-core (3.36.0)
      aws-eventstream (~> 1.0)
      aws-partitions (~> 1.0)
      aws-sigv4 (~> 1.0)
      jmespath (~> 1.0)
    aws-sdk-ec2 (1.54.0)
      aws-sdk-core (~> 3, >= 3.26.0)
      aws-sigv4 (~> 1.0)
    aws-sigv4 (1.0.3)
    commander (4.4.7)
      highline (~> 2.0.0)
    highline (2.0.0)
    jmespath (1.4.0)
    terminal-table (1.8.0)
      unicode-display_width (~> 1.1, >= 1.1.1)
    tty-cursor (0.6.0)
    tty-spinner (0.8.0)
      tty-cursor (>= 0.5.0)
    unicode-display_width (1.4.0)

PLATFORMS
  ruby

DEPENDENCIES
  aws-sdk-ec2 (~> 1)
  commander
  terminal-table
  tty-spinner

BUNDLED WITH
   1.17.1
